PATH
  remote: ../../nitrox-core
  specs:
    nitrox-core (0.0.1)
      dalli (~> 3.2, >= 3.2.4)
      faraday (~> 2.7, >= 2.7.4)
      lighstorm (~> 0.0.15)
      rainbow (~> 3.1, >= 3.1.1)
      rdkafka (~> 0.13.0.beta.3)

GEM
  remote: https://rubygems.org/
  specs:
    ast (2.4.2)
    byebug (11.1.3)
    coderay (1.1.3)
    dalli (3.2.4)
    dotenv (2.8.1)
    faraday (2.7.4)
      faraday-net_http (>= 2.0, < 3.1)
      ruby2_keywords (>= 0.0.4)
    faraday-net_http (3.0.2)
    ffi (1.15.5)
    google-protobuf (3.22.2-x86_64-linux)
    googleapis-common-protos-types (1.5.0)
      google-protobuf (~> 3.14)
    grpc (1.53.0-x86_64-linux)
      google-protobuf (~> 3.21)
      googleapis-common-protos-types (~> 1.0)
    json (2.6.3)
    lighstorm (0.0.15)
      dotenv (~> 2.8, >= 2.8.1)
      lnd-client (~> 0.0.9)
      zache (~> 0.12.0)
    listen (3.8.0)
      rb-fsevent (~> 0.10, >= 0.10.3)
      rb-inotify (~> 0.9, >= 0.9.10)
    lnd-client (0.0.9)
      grpc (~> 1.53)
    method_source (1.0.0)
    mini_portile2 (2.8.1)
    nio4r (2.5.8)
    parallel (1.22.1)
    parser (3.2.1.1)
      ast (~> 2.4.1)
    pry (0.14.2)
      coderay (~> 1.1)
      method_source (~> 1.0)
    pry-byebug (3.10.1)
      byebug (~> 11.0)
      pry (>= 0.13, < 0.15)
    puma (6.1.1)
      nio4r (~> 2.0)
    rack (3.0.7)
    rack-cors (2.0.1)
      rack (>= 2.0.0)
    rackup (2.1.0)
      rack (>= 3)
      webrick (~> 1.8)
    rainbow (3.1.1)
    rake (13.0.6)
    rb-fsevent (0.11.2)
    rb-inotify (0.10.1)
      ffi (~> 1.0)
    rdkafka (0.13.0.beta.3)
      ffi (~> 1.15)
      mini_portile2 (~> 2.6)
      rake (> 12)
    regexp_parser (2.7.0)
    rerun (0.14.0)
      listen (~> 3.0)
    rexml (3.2.5)
    roda (3.66.0)
      rack
    rubocop (1.48.1)
      json (~> 2.3)
      parallel (~> 1.10)
      parser (>= 3.2.0.0)
      rainbow (>= 2.2.2, < 4.0)
      regexp_parser (>= 1.8, < 3.0)
      rexml (>= 3.2.5, < 4.0)
      rubocop-ast (>= 1.26.0, < 2.0)
      ruby-progressbar (~> 1.7)
      unicode-display_width (>= 2.4.0, < 3.0)
    rubocop-ast (1.28.0)
      parser (>= 3.2.1.0)
    ruby-progressbar (1.13.0)
    ruby2_keywords (0.0.5)
    unicode-display_width (2.4.2)
    webrick (1.8.1)
    zache (0.12.0)

PLATFORMS
  x86_64-linux

DEPENDENCIES
  dotenv (~> 2.8, >= 2.8.1)
  faraday (~> 2.7, >= 2.7.4)
  nitrox-core!
  pry-byebug (~> 3.10, >= 3.10.1)
  puma (~> 6.1, >= 6.1.1)
  rack (~> 3.0, >= 3.0.7)
  rack-cors (~> 2.0, >= 2.0.1)
  rackup (~> 2.1)
  rerun (~> 0.14.0)
  roda (~> 3.66)
  rubocop (~> 1.48, >= 1.48.1)

RUBY VERSION
   ruby 3.2.1p31

BUNDLED WITH
   2.4.7
